GIT
  remote: git@github.com:anderscarling/library_presentation-protobuf.git
  revision: 3ef37d9a370a3c4b1f59136cb38eae8280dc82b5
  specs:
    library_api (0.0.1)
      google-protobuf (~> 3.1.0)

GEM
  remote: https://rubygems.org/
  specs:
    google-protobuf (3.1.0)
    kgio (2.10.0)
    rack (1.6.4)
    rack-protection (1.5.3)
      rack
    raindrops (0.16.0)
    sinatra (1.4.7)
      rack (~> 1.5)
      rack-protection (~> 1.4)
      tilt (>= 1.3, < 3)
    tilt (2.0.5)
    unicorn (5.1.0)
      kgio (~> 2.6)
      raindrops (~> 0.7)

PLATFORMS
  ruby

DEPENDENCIES
  library_api!
  sinatra
  unicorn

RUBY VERSION
   ruby 2.3.3p222

BUNDLED WITH
   1.13.6
